PATH
  remote: .
  specs:
    uphex-estimation (0.0.1)

GEM
  remote: https://rubygems.org/
  specs:

PLATFORMS
  ruby

DEPENDENCIES
  uphex-estimation!
